GIT
  remote: git://github.com/indirect/sparks.git
  revision: 6c90859c3652e8f426e2116992ce271a8d40e9a2
  branch: master
  specs:
    sparks (0.4)
      net-http-persistent (~> 2.8)
      yajl-ruby (~> 1.1)

GIT
  remote: git://github.com/sinatra/sinatra.git
  revision: 9984d0d2b3f1ea12273c6c25f8e102b2329f33e9
  specs:
    sinatra (1.4.0)
      rack (~> 1.4)
      rack-protection (~> 1.3)
      tilt (~> 1.3, >= 1.3.3)

PATH
  remote: .
  specs:
    daneel (0.1)
      puma (~> 1.6.3)
      sinatra (~> 1.4.0)
      sparks (~> 0.4)

GEM
  remote: http://rubygems.org/
  specs:
    coderay (1.0.8)
    columnize (0.3.6)
    debugger (1.2.4)
      columnize (>= 0.3.1)
      debugger-linecache (~> 1.1.1)
      debugger-ruby_core_source (~> 1.1.7)
    debugger-linecache (1.1.2)
      debugger-ruby_core_source (>= 1.1.1)
    debugger-ruby_core_source (1.1.9)
    method_source (0.8.1)
    net-http-persistent (2.8)
    pry (0.9.11.4)
      coderay (~> 1.0.5)
      method_source (~> 0.8)
      slop (~> 3.4)
    pry-debugger (0.2.1)
      debugger (~> 1.2.0)
      pry (~> 0.9.10)
    puma (1.6.3)
      rack (~> 1.2)
    rack (1.4.4)
    rack-protection (1.3.2)
      rack
    rake (10.0.3)
    slop (3.4.3)
    tilt (1.3.3)
    yajl-ruby (1.1.0)

PLATFORMS
  ruby

DEPENDENCIES
  bundler (~> 1.2)
  daneel!
  pry-debugger
  rake (~> 10.0)
  sinatra!
  sparks!
