GIT
  remote: git://github.com/indirect/sparks.git
  revision: 97fed38a1f71932c874295a57da05af890b0506e
  branch: master
  specs:
    sparks (0.4)
      json (~> 1.7)
      net-http-persistent (~> 2.8)

GIT
  remote: git://github.com/sinatra/sinatra.git
  revision: 9984d0d2b3f1ea12273c6c25f8e102b2329f33e9
  specs:
    sinatra (1.4.0)
      rack (~> 1.4)
      rack-protection (~> 1.3)
      tilt (~> 1.3, >= 1.3.3)

PATH
  remote: .
  specs:
    daneel (0.0.1)
      puma (~> 1.6.3)
      sinatra (~> 1.4.0)
      sparks (~> 0.4)

GEM
  remote: http://rubygems.org/
  specs:
    json (1.7.6)
    net-http-persistent (2.8)
    puma (1.6.3)
      rack (~> 1.2)
    rack (1.4.4)
    rack-protection (1.3.2)
      rack
    rake (10.0.3)
    tilt (1.3.3)

PLATFORMS
  ruby

DEPENDENCIES
  bundler (~> 1.2)
  daneel!
  rake (~> 10.0)
  sinatra!
  sparks!
