PATH
  remote: .
  specs:
    daneel (0.1)
      puma (~> 2.3)
      sinatra (~> 1.4.2)
      sparks (~> 0.4)

GEM
  remote: http://rubygems.org/
  specs:
    byebug (2.2.2)
      columnize (~> 0.3.6)
      debugger-linecache (~> 1.2.0)
    coderay (1.1.0)
    columnize (0.3.6)
    debugger-linecache (1.2.0)
    method_source (0.8.2)
    net-http-persistent (2.9)
    pry (0.9.12.3)
      coderay (~> 1.0)
      method_source (~> 0.8)
      slop (~> 3.4)
    pry-byebug (1.2.0)
      byebug (~> 2.2)
      pry (~> 0.9.12)
    puma (2.3.2)
      rack (>= 1.1, < 2.0)
    rack (1.5.2)
    rack-protection (1.5.0)
      rack
    rake (10.1.1)
    sinatra (1.4.3)
      rack (~> 1.4)
      rack-protection (~> 1.4)
      tilt (~> 1.3, >= 1.3.4)
    slop (3.4.6)
    sparks (0.4)
      net-http-persistent (~> 2.8)
      yajl-ruby (~> 1.1)
    tilt (1.4.1)
    yajl-ruby (1.1.0)

PLATFORMS
  ruby

DEPENDENCIES
  bundler (~> 1.2)
  daneel!
  pry-byebug
  rake (~> 10.0)
